GIT
  remote: git://github.com/padrino/padrino-framework.git
  revision: a35faf0a8ab9454f2f6c397dccd22fc1cdb26fd6
  specs:
    padrino (0.10.6.e)
      padrino-admin (= 0.10.6.e)
      padrino-cache (= 0.10.6.e)
      padrino-core (= 0.10.6.e)
      padrino-gen (= 0.10.6.e)
      padrino-helpers (= 0.10.6.e)
      padrino-mailer (= 0.10.6.e)
    padrino-admin (0.10.6.e)
      padrino-core (= 0.10.6.e)
      padrino-helpers (= 0.10.6.e)
    padrino-cache (0.10.6.e)
      padrino-core (= 0.10.6.e)
    padrino-core (0.10.6.e)
      activesupport (~> 3.2.0)
      http_router (~> 0.10.2)
      sinatra (~> 1.3.1)
      thor (~> 0.14.3)
      tilt (~> 1.3.0)
    padrino-gen (0.10.6.e)
      bundler (~> 1.0)
      padrino-core (= 0.10.6.e)
    padrino-helpers (0.10.6.e)
      i18n (~> 0.6)
      padrino-core (= 0.10.6.e)
    padrino-mailer (0.10.6.e)
      mail (~> 2.3.0)
      padrino-core (= 0.10.6.e)

GEM
  remote: http://rubygems.org/
  specs:
    activemodel (3.2.2)
      activesupport (= 3.2.2)
      builder (~> 3.0.0)
    activerecord (3.2.2)
      activemodel (= 3.2.2)
      activesupport (= 3.2.2)
      arel (~> 3.0.2)
      tzinfo (~> 0.3.29)
    activesupport (3.2.2)
      i18n (~> 0.6)
      multi_json (~> 1.0)
    arel (3.0.2)
    builder (3.0.0)
    diff-lcs (1.1.3)
    erubis (2.7.0)
    http_router (0.10.2)
      rack (>= 1.0.0)
      url_mount (~> 0.2.1)
    i18n (0.6.0)
    mail (2.3.0)
      i18n (>= 0.4.0)
      mime-types (~> 1.16)
      treetop (~> 1.4.8)
    mime-types (1.17.2)
    multi_json (1.1.0)
    pg (0.13.2)
    polyglot (0.3.3)
    rack (1.4.1)
    rack-protection (1.2.0)
      rack
    rack-test (0.6.1)
      rack (>= 1.0)
    rake (0.9.2.2)
    rr (1.0.4)
    rspec (2.8.0)
      rspec-core (~> 2.8.0)
      rspec-expectations (~> 2.8.0)
      rspec-mocks (~> 2.8.0)
    rspec-core (2.8.0)
    rspec-expectations (2.8.0)
      diff-lcs (~> 1.1.2)
    rspec-mocks (2.8.0)
    sinatra (1.3.2)
      rack (~> 1.3, >= 1.3.6)
      rack-protection (~> 1.2)
      tilt (~> 1.3, >= 1.3.3)
    sinatra-flash (0.3.0)
      sinatra (>= 1.0.0)
    thor (0.14.6)
    tilt (1.3.3)
    treetop (1.4.10)
      polyglot
      polyglot (>= 0.3.1)
    tzinfo (0.3.32)
    url_mount (0.2.1)
      rack
    valid_attribute (1.2.0)

PLATFORMS
  ruby

DEPENDENCIES
  activerecord
  erubis (~> 2.7.0)
  padrino!
  pg
  rack-test
  rake
  rr
  rspec
  sinatra-flash
  valid_attribute (= 1.2.0)
